GEM
  remote: https://rubygems.org/
  specs:
    find (0.2.0)
    securerandom (0.4.1)

PLATFORMS
  ruby
  x86_64-linux

DEPENDENCIES
  find
  securerandom

BUNDLED WITH
   2.5.6
